GEM
  remote: https://rubygems.org/
  specs:
    android_key_attestation (0.3.0)
    awrence (1.2.1)
    bindata (2.4.15)
    cbor (0.5.9.6)
    cose (1.3.0)
      cbor (~> 0.5.9)
      openssl-signature_algorithm (~> 1.0)
    jwt (2.7.0)
    openssl (3.1.0)
    openssl-signature_algorithm (1.3.0)
      openssl (> 2.0)
    rack (3.0.7)
    rackup (2.1.0)
      rack (>= 3)
      webrick (~> 1.8)
    roda (3.68.0)
      rack
    safety_net_attestation (0.4.0)
      jwt (~> 2.0)
    tilt (2.1.0)
    tpm-key_attestation (0.12.0)
      bindata (~> 2.4)
      openssl (> 2.0)
      openssl-signature_algorithm (~> 1.0)
    webauthn (3.0.0)
      android_key_attestation (~> 0.3.0)
      awrence (~> 1.1)
      bindata (~> 2.4)
      cbor (~> 0.5.9)
      cose (~> 1.1)
      openssl (>= 2.2)
      safety_net_attestation (~> 0.4.0)
      tpm-key_attestation (~> 0.12.0)
    webrick (1.8.1)

PLATFORMS
  x86_64-linux

DEPENDENCIES
  rackup
  roda
  tilt
  webauthn

BUNDLED WITH
   2.4.10
